GEM
  remote: https://rubygems.org/
  specs:
    celluloid (0.16.0)
      timers (~> 4.0.0)
    childprocess (0.5.5)
      ffi (~> 1.0, >= 1.0.11)
    connection_pool (2.1.1)
    dotenv (0.9.0)
    excon (0.39.6)
    ffi (1.9.6)
    foreman (0.63.0)
      dotenv (>= 0.7)
      thor (>= 0.13.6)
    headless (1.0.2)
    hitimes (1.2.2)
    json (1.8.2)
    multi_json (1.10.1)
    rack (1.6.0)
    rack-protection (1.5.3)
      rack
    rack_csrf (2.5.0)
      rack (>= 1.1.0)
    redis (3.2.1)
    redis-namespace (1.5.1)
      redis (~> 3.0, >= 3.0.4)
    rubyzip (1.1.7)
    selenium-webdriver (2.44.0)
      childprocess (~> 0.5)
      multi_json (~> 1.0)
      rubyzip (~> 1.0)
      websocket (~> 1.0)
    sidekiq (3.3.2)
      celluloid (>= 0.16.0)
      connection_pool (>= 2.1.1)
      json
      redis (>= 3.0.6)
      redis-namespace (>= 1.3.1)
    sinatra (1.4.5)
      rack (~> 1.4)
      rack-protection (~> 1.4)
      tilt (~> 1.3, >= 1.3.4)
    slack_invitation (0.0.3)
      headless (~> 1)
      selenium-webdriver (~> 2)
    thor (0.19.1)
    tilt (1.4.1)
    timers (4.0.1)
      hitimes
    websocket (1.2.1)

PLATFORMS
  ruby

DEPENDENCIES
  dotenv
  excon
  foreman
  multi_json
  rack_csrf
  sidekiq
  sinatra
  slack_invitation
